GEM
  remote: https://rubygems.org/
  specs:
    CFPropertyList (2.2.8)
    facter (2.3.0)
      CFPropertyList (~> 2.2.6)
    hiera (1.3.4)
      json_pure
    highline (1.7.7)
    json (1.8.3)
    json_pure (1.8.2)
    librarian (0.1.2)
      highline
      thor (~> 0.15)
    librarian-puppet (1.4.1)
      json
      librarian (>= 0.1.2)
      rsync
    net-scp (1.2.1)
      net-ssh (>= 2.6.5)
    net-ssh (2.9.0)
    puppet (3.6.2)
      facter (> 1.6, < 3)
      hiera (~> 1.0)
      json_pure
      rgen (~> 0.6.5)
    puppet-lint (1.1.0)
    rake (10.4.2)
    rgen (0.6.6)
    rsync (1.0.9)
    thor (0.19.1)

PLATFORMS
  ruby

DEPENDENCIES
  bundler
  facter (= 2.3.0)
  hiera (= 1.3.4)
  librarian-puppet
  net-scp
  net-ssh (= 2.9.0)
  puppet (= 3.6.2)
  puppet-lint
  rake

BUNDLED WITH
   1.10.6
